GEM
  remote: http://rubygems.org/
  specs:
    Platform (0.4.0)
    addressable (2.2.6)
    archive-tar-minitar (0.5.2)
    columnize (0.3.6)
    diff-lcs (1.1.3)
    em-http-request (0.2.15)
      addressable (>= 2.0.0)
      eventmachine (>= 0.12.9)
    eventmachine (0.12.10)
    linecache19 (0.5.12)
      ruby_core_source (>= 0.1.4)
    open4 (1.3.0)
    popen4 (0.1.2)
      Platform (>= 0.4.0)
      open4 (>= 0.4.0)
    rspec (2.7.0)
      rspec-core (~> 2.7.0)
      rspec-expectations (~> 2.7.0)
      rspec-mocks (~> 2.7.0)
    rspec-core (2.7.1)
    rspec-expectations (2.7.0)
      diff-lcs (~> 1.1.2)
    rspec-mocks (2.7.0)
    ruby-debug-base19 (0.11.25)
      columnize (>= 0.3.1)
      linecache19 (>= 0.5.11)
      ruby_core_source (>= 0.1.4)
    ruby-debug19 (0.11.6)
      columnize (>= 0.3.1)
      linecache19 (>= 0.5.11)
      ruby-debug-base19 (>= 0.11.19)
    ruby_core_source (0.1.5)
      archive-tar-minitar (>= 0.5.2)

PLATFORMS
  ruby

DEPENDENCIES
  em-http-request (~> 0.2.14)
  popen4
  rspec (~> 2.7.0)
  ruby-debug19
